GEM
  remote: https://rubygems.org/
  specs:
    rake (12.3.0)

PLATFORMS
  ruby

DEPENDENCIES
  rake!

RUBY VERSION
   ruby 2.4.3p205

BUNDLED WITH
   1.16.1
